GEM
  remote: https://rubygems.org/
  specs:
    appium_lib (10.6.0)
      appium_lib_core (~> 3.3)
      nokogiri (~> 1.8, >= 1.8.1)
      tomlrb (~> 1.1)
    appium_lib_core (3.11.0)
      faye-websocket (~> 0.11.0)
      selenium-webdriver (~> 3.14, >= 3.14.1)
    childprocess (3.0.0)
    concurrent-ruby (1.1.7)
    data_magic (1.2)
      faker (>= 1.1.2)
      yml_reader (>= 0.6)
    eventmachine (1.2.7)
    faker (2.13.0)
      i18n (>= 1.6, < 2)
    faye-websocket (0.11.0)
      eventmachine (>= 0.12.0)
      websocket-driver (>= 0.5.1)
    i18n (1.8.5)
      concurrent-ruby (~> 1.0)
    mini_portile2 (2.4.0)
    nokogiri (1.10.10)
      mini_portile2 (~> 2.4.0)
    page-object (2.2.6)
      page_navigation (>= 0.10)
      selenium-webdriver (~> 3.0)
      watir (~> 6.8)
    page_navigation (0.10)
      data_magic (>= 0.22)
    rake (13.0.1)
    regexp_parser (1.7.1)
    require_all (3.0.0)
    rubyzip (2.3.0)
    selenium-webdriver (3.142.7)
      childprocess (>= 0.5, < 4.0)
      rubyzip (>= 1.2.2)
    tomlrb (1.3.0)
    waitutil (0.2.1)
    watir (6.17.0)
      regexp_parser (~> 1.2)
      selenium-webdriver (~> 3.6)
    websocket-driver (0.7.3)
      websocket-extensions (>= 0.1.0)
    websocket-extensions (0.1.5)
    yml_reader (0.7)

PLATFORMS
  ruby

DEPENDENCIES
  appium_lib
  page-object
  rake
  require_all
  waitutil
  watir

BUNDLED WITH
   2.1.4
